GEM
  remote: https://rubygems.org/
  specs:
    stringex (2.8.5)

PLATFORMS
  ruby

DEPENDENCIES
  stringex (~> 2.8, >= 2.8.5)

BUNDLED WITH
   2.1.4
